GIT
  remote: https://github.com/outstand/dory.git
  revision: 4c9ff8dcd16ea3b2a4dec00ec8609b03ea2e5da4
  branch: add-resolvconf
  specs:
    dory (1.0.0)
      activesupport (~> 5.2)
      colorize (~> 0.8)
      ptools (~> 1.3)
      thor (~> 0.20)

GEM
  specs:
    activesupport (5.2.1)
      concurrent-ruby (~> 1.0, >= 1.0.2)
      i18n (>= 0.7, < 2)
      minitest (~> 5.1)
      tzinfo (~> 1.1)
    colorize (0.8.1)
    concurrent-ruby (1.0.5)
    i18n (1.1.0)
      concurrent-ruby (~> 1.0)
    minitest (5.8.4)
    ptools (1.3.5)
    thor (0.20.0)
    thread_safe (0.3.6)
    tzinfo (1.2.5)
      thread_safe (~> 0.1)

PLATFORMS
  ruby

DEPENDENCIES
  dory!

BUNDLED WITH
   1.11.2
